GEM
  remote: https://rubygems.org/
  specs:
    referral (0.0.4)

PLATFORMS
  ruby

DEPENDENCIES
  referral

BUNDLED WITH
   2.0.1
